PATH
  remote: .
  specs:
    locomotivecms-search-wagon (0.3.6)

GEM
  remote: http://rubygems.org/
  specs:
    rake (10.3.2)

PLATFORMS
  ruby

DEPENDENCIES
  locomotivecms-search-wagon!
  rake
